GIT
  remote: https://github.com/middleman/middleman.git
  revision: 8c27d9a2e7519199c89df854cff93809a0fe5e55
  branch: master
  specs:
    middleman (4.1.0.rc.2)
      coffee-script (~> 2.2)
      compass-import-once (= 1.0.5)
      haml (>= 4.0.5)
      kramdown (~> 1.2)
      middleman-cli (= 4.1.0.rc.2)
      middleman-core (= 4.1.0.rc.2)
      sass (>= 3.4.0, < 4.0)
    middleman-cli (4.1.0.rc.2)
      thor (>= 0.17.0, < 2.0)
    middleman-core (4.1.0.rc.2)
      activesupport (~> 4.2)
      addressable (~> 2.4.0)
      backports (~> 3.6)
      bundler (~> 1.1)
      capybara (~> 2.5.0)
      contracts (~> 0.12.0)
      erubis
      execjs (~> 2.0)
      fast_blank
      fastimage (~> 1.8)
      hamster (~> 2.0)
      hashie (~> 3.4)
      i18n (~> 0.7.0)
      listen (~> 3.0)
      padrino-helpers (~> 0.13.0)
      parallel
      rack (>= 1.4.5, < 2.0)
      sass (>= 3.4)
      tilt (~> 1.4.1)
      uglifier (~> 2.6)

GEM
  remote: http://rubygems.org/
  remote: https://rails-assets.org/
  specs:
    activesupport (4.2.5.1)
      i18n (~> 0.7)
      json (~> 1.7, >= 1.7.7)
      minitest (~> 5.1)
      thread_safe (~> 0.3, >= 0.3.4)
      tzinfo (~> 1.1)
    addressable (2.4.0)
    backports (3.6.7)
    capistrano (3.4.0)
      i18n
      rake (>= 10.0.0)
      sshkit (~> 1.3)
    capistrano-bundler (1.1.4)
      capistrano (~> 3.1)
      sshkit (~> 1.2)
    capistrano-rails (1.1.6)
      capistrano (~> 3.1)
      capistrano-bundler (~> 1.1)
    capistrano-rvm (0.1.2)
      capistrano (~> 3.0)
      sshkit (~> 1.2)
    capistrano3-puma (1.2.1)
      capistrano (~> 3.0)
      puma (>= 2.6)
    capybara (2.5.0)
      mime-types (>= 1.16)
      nokogiri (>= 1.3.3)
      rack (>= 1.0.0)
      rack-test (>= 0.5.4)
      xpath (~> 2.0)
    coffee-script (2.4.1)
      coffee-script-source
      execjs
    coffee-script-source (1.10.0)
    compass-import-once (1.0.5)
      sass (>= 3.2, < 3.5)
    concurrent-ruby (0.9.2)
    contracts (0.12.0)
    em-websocket (0.5.1)
      eventmachine (>= 0.12.9)
      http_parser.rb (~> 0.6.0)
    erubis (2.7.0)
    eventmachine (1.0.7)
    execjs (2.6.0)
    fast_blank (1.0.0)
    fastimage (1.8.1)
      addressable (~> 2.3, >= 2.3.5)
    ffi (1.9.10)
    font-awesome-sass (4.3.2.1)
      sass (~> 3.2)
    haml (4.0.7)
      tilt
    hamster (2.0.0)
      concurrent-ruby (~> 0.8)
    hashie (3.4.3)
    http_parser.rb (0.6.0)
    i18n (0.7.0)
    json (1.8.3)
    kramdown (1.9.0)
    listen (3.0.5)
      rb-fsevent (>= 0.9.3)
      rb-inotify (>= 0.9)
    middleman-deploy (2.0.0.pre.alpha)
      middleman-core (>= 3.2)
      net-sftp
      ptools
    middleman-jquery (2.1.1)
      thor (>= 0.14, < 2.0)
    middleman-livereload (3.4.2)
      em-websocket (~> 0.5.1)
      middleman-core (>= 3.3)
      rack-livereload (~> 0.3.15)
    mime-types (3.0)
      mime-types-data (~> 3.2015)
    mime-types-data (3.2015.1120)
    mini_portile2 (2.0.0)
    minitest (5.8.4)
    net-scp (1.2.1)
      net-ssh (>= 2.6.5)
    net-sftp (2.1.2)
      net-ssh (>= 2.6.5)
    net-ssh (3.0.2)
    nokogiri (1.6.7.2)
      mini_portile2 (~> 2.0.0.rc2)
    padrino-helpers (0.13.1)
      i18n (~> 0.6, >= 0.6.7)
      padrino-support (= 0.13.1)
      tilt (~> 1.4.1)
    padrino-support (0.13.1)
      activesupport (>= 3.1)
    parallel (1.6.1)
    ptools (1.3.3)
    puma (2.16.0)
    rack (1.6.4)
    rack-livereload (0.3.15)
      rack
    rack-test (0.6.3)
      rack (>= 1.0)
    rails-assets-Hover (1.0.9)
    rails-assets-formstone (0.6.6)
      rails-assets-jquery (>= 1.11.1)
    rails-assets-html5shiv (3.6.2)
    rails-assets-jquery (2.1.4)
    rails-assets-jquery.easing (1.3.1)
      rails-assets-jquery (>= 1.2.1)
    rails-assets-jquery.scrollex (0.2.0)
      rails-assets-jquery (>= 1.11)
    rails-assets-jquery.stellar (0.6.2)
      rails-assets-jquery (>= 1.4.3)
    rails-assets-mapbox.js (2.1.9)
    rails-assets-respond (1.4.2)
    rails-assets-skel (3.0.0.dev)
    rake (10.5.0)
    rb-fsevent (0.9.7)
    rb-inotify (0.9.5)
      ffi (>= 0.5.0)
    sass (3.4.21)
    slim (3.0.3)
      temple (~> 0.7.3)
      tilt (>= 1.3.3, < 2.1)
    sshkit (1.8.1)
      net-scp (>= 1.1.2)
      net-ssh (>= 2.8.0)
    temple (0.7.5)
    thor (0.19.1)
    thread_safe (0.3.5)
    tilt (1.4.1)
    tzinfo (1.2.2)
      thread_safe (~> 0.1)
    uglifier (2.7.2)
      execjs (>= 0.3.0)
      json (>= 1.8.0)
    xpath (2.0.0)
      nokogiri (~> 1.3)

PLATFORMS
  ruby

DEPENDENCIES
  capistrano
  capistrano-bundler
  capistrano-rails
  capistrano-rvm
  capistrano3-puma
  font-awesome-sass
  middleman!
  middleman-deploy (= 2.0.0.pre.alpha)
  middleman-jquery
  middleman-livereload
  puma
  rails-assets-Hover (~> 1.0.9)!
  rails-assets-formstone (~> 0.6.1)!
  rails-assets-html5shiv (~> 3.6.2)!
  rails-assets-jquery.easing (~> 1.3.1)!
  rails-assets-jquery.scrollex!
  rails-assets-jquery.stellar (~> 0.6.2)!
  rails-assets-mapbox.js (~> 2.1.9)!
  rails-assets-respond!
  rails-assets-skel (~> 3.0.0.dev)!
  slim
  tzinfo-data
  wdm (~> 0.1.0)

BUNDLED WITH
   1.11.2
